PATH
  remote: .
  specs:
    watir-extensions-element-screenshot (0.1.0)
      chunky_png
      watir

GEM
  remote: https://rubygems.org/
  specs:
    childprocess (0.6.2)
      ffi (~> 1.0, >= 1.0.11)
    chunky_png (1.3.8)
    diff-lcs (1.3)
    ffi (1.9.17)
    rake (12.0.0)
    rspec (3.5.0)
      rspec-core (~> 3.5.0)
      rspec-expectations (~> 3.5.0)
      rspec-mocks (~> 3.5.0)
    rspec-core (3.5.4)
      rspec-support (~> 3.5.0)
    rspec-expectations (3.5.0)
      diff-lcs (>= 1.2.0, < 2.0)
      rspec-support (~> 3.5.0)
    rspec-mocks (3.5.0)
      diff-lcs (>= 1.2.0, < 2.0)
      rspec-support (~> 3.5.0)
    rspec-support (3.5.0)
    rubyzip (1.2.1)
    selenium-webdriver (3.2.1)
      childprocess (~> 0.5)
      rubyzip (~> 1.0)
      websocket (~> 1.0)
    watir (6.2.0)
      selenium-webdriver (~> 3.0)
    websocket (1.2.4)

PLATFORMS
  ruby

DEPENDENCIES
  bundler (~> 1.5)
  rake
  rspec
  watir-extensions-element-screenshot!

BUNDLED WITH
   1.14.5
